GEM
  remote: https://rubygems.org/
  specs:
    httparty (0.13.7)
      json (~> 1.8)
      multi_xml (>= 0.5.2)
    json (1.8.3)
    multi_xml (0.5.5)
    rack (1.5.2)
    rack-protection (1.5.0)
      rack
    sinatra (1.4.3)
      rack (~> 1.4)
      rack-protection (~> 1.4)
      tilt (~> 1.3, >= 1.3.4)
    tilt (1.4.1)

PLATFORMS
  ruby

DEPENDENCIES
  httparty
  sinatra

BUNDLED WITH
   1.15.4
